PATH
  remote: .
  specs:
    foreman_plugin_template (0.0.1)

GEM
  remote: https://rubygems.org/
  specs:
    ast (2.4.2)
    json (2.6.3)
    parallel (1.23.0)
    parser (3.2.2.1)
      ast (~> 2.4.1)
    psych (5.1.0)
      stringio
    rainbow (3.1.1)
    rdoc (6.5.0)
      psych (>= 4.0.0)
    regexp_parser (2.8.0)
    rexml (3.2.5)
    rubocop (1.50.2)
      json (~> 2.3)
      parallel (~> 1.10)
      parser (>= 3.2.0.0)
      rainbow (>= 2.2.2, < 4.0)
      regexp_parser (>= 1.8, < 3.0)
      rexml (>= 3.2.5, < 4.0)
      rubocop-ast (>= 1.28.0, < 2.0)
      ruby-progressbar (~> 1.7)
      unicode-display_width (>= 2.4.0, < 3.0)
    rubocop-ast (1.28.1)
      parser (>= 3.2.1.0)
    ruby-progressbar (1.13.0)
    stringio (3.0.6)
    unicode-display_width (2.4.2)

PLATFORMS
  ruby
  x86_64-darwin-20

DEPENDENCIES
  foreman_plugin_template!
  rdoc
  rubocop

BUNDLED WITH
   2.1.4
